GIT
  remote: https://github.com/maccman/sinatra-contrib
  revision: 3dde2819a31791a9124d916c4449df0741af45f9
  specs:
    sinatra-contrib (1.4.1)
      multi_json
      rack-protection
      rack-test
      sinatra (~> 1.4.0)
      tilt (~> 1.3)

GIT
  remote: https://github.com/producthunt/puma
  revision: 9ad1b20dee95e93ff33924a8255042247ad29d14
  specs:
    puma (2.15.3)

GEM
  remote: https://rubygems.org/
  specs:
    activesupport (5.1.4)
      concurrent-ruby (~> 1.0, >= 1.0.2)
      i18n (~> 0.7)
      minitest (~> 5.1)
      tzinfo (~> 1.1)
    ast (2.3.0)
    astrolabe (1.3.1)
      parser (~> 2.2)
    builder (3.2.3)
    byebug (9.1.0)
    codeclimate-test-reporter (1.0.8)
      simplecov (<= 0.13)
    coderay (1.1.2)
    concurrent-ruby (1.0.5)
    diff-lcs (1.3)
    docile (1.1.5)
    dotenv (2.2.1)
    erubis (2.7.0)
    gemoji (3.0.0)
    i18n (0.8.6)
    imgkit (1.6.1)
    json (2.1.0)
    method_source (0.8.2)
    minitest (5.10.3)
    multi_json (1.12.2)
    parser (2.4.0.0)
      ast (~> 2.2)
    powerpack (0.1.1)
    pry (0.10.4)
      coderay (~> 1.1.0)
      method_source (~> 0.8.1)
      slop (~> 3.4)
    pry-byebug (3.5.0)
      byebug (~> 9.1)
      pry (~> 0.10)
    rack (1.6.8)
    rack-contrib (1.6.0)
      rack (~> 1.4)
    rack-protection (1.5.3)
      rack
    rack-standards (0.0.1)
    rack-test (0.7.0)
      rack (>= 1.0, < 3)
    rainbow (2.2.2)
      rake
    rake (12.1.0)
    rb-readline (0.5.5)
    rspec (3.6.0)
      rspec-core (~> 3.6.0)
      rspec-expectations (~> 3.6.0)
      rspec-mocks (~> 3.6.0)
    rspec-core (3.6.0)
      rspec-support (~> 3.6.0)
    rspec-expectations (3.6.0)
      diff-lcs (>= 1.2.0, < 2.0)
      rspec-support (~> 3.6.0)
    rspec-mocks (3.6.0)
      diff-lcs (>= 1.2.0, < 2.0)
      rspec-support (~> 3.6.0)
    rspec-support (3.6.0)
    rubocop (0.35.1)
      astrolabe (~> 1.3)
      parser (>= 2.2.3.0, < 3.0)
      powerpack (~> 0.1)
      rainbow (>= 1.99.1, < 3.0)
      ruby-progressbar (~> 1.7)
      tins (<= 1.6.0)
    ruby-progressbar (1.8.3)
    rumoji (0.5.0)
    simplecov (0.13.0)
      docile (~> 1.1.0)
      json (>= 1.8, < 3)
      simplecov-html (~> 0.10.0)
    simplecov-html (0.10.2)
    sinatra (1.4.8)
      rack (~> 1.5)
      rack-protection (~> 1.4)
      tilt (>= 1.3, < 3)
    sinatra-initializers (0.1.4)
    slop (3.6.0)
    thread_safe (0.3.6)
    tilt (1.4.1)
    tins (1.6.0)
    tzinfo (1.2.3)
      thread_safe (~> 0.1)
    wkhtmltoimage-binary (0.12.4)

PLATFORMS
  ruby

DEPENDENCIES
  activesupport
  builder
  bundler
  codeclimate-test-reporter (~> 1.0.0)
  dotenv
  erubis
  gemoji
  i18n
  imgkit
  json
  pry
  pry-byebug
  puma!
  rack-contrib
  rack-standards
  rack-test
  rake
  rb-readline
  rspec
  rubocop (~> 0.35.0)
  rumoji
  simplecov
  sinatra
  sinatra-contrib!
  sinatra-initializers
  wkhtmltoimage-binary


RUBY VERSION
   ruby 2.2.4p230

BUNDLED WITH
   1.14.6
