GIT
  remote: https://github.com/maccman/sinatra-contrib
  revision: 3dde2819a31791a9124d916c4449df0741af45f9
  specs:
    sinatra-contrib (1.4.1)
      multi_json
      rack-protection
      rack-test
      sinatra (~> 1.4.0)
      tilt (~> 1.3)

GIT
  remote: https://github.com/mwunsch/rumoji
  revision: ce802a9911121991a3cd68306fb926e5dd4eebaf
  specs:
    rumoji (0.5.0)

GEM
  remote: https://rubygems.org/
  specs:
    activesupport (5.2.2)
      concurrent-ruby (~> 1.0, >= 1.0.2)
      i18n (>= 0.7, < 2)
      minitest (~> 5.1)
      tzinfo (~> 1.1)
    ast (2.4.0)
    astrolabe (1.3.1)
      parser (~> 2.2)
    builder (3.2.3)
    byebug (10.0.2)
    codeclimate-test-reporter (1.0.9)
      simplecov (<= 0.13)
    coderay (1.1.2)
    concurrent-ruby (1.1.4)
    diff-lcs (1.3)
    docile (1.1.5)
    dotenv (2.6.0)
    erubis (2.7.0)
    gemoji (3.0.0)
    i18n (1.5.3)
      concurrent-ruby (~> 1.0)
    imgkit (1.6.1)
    json (2.1.0)
    method_source (0.9.2)
    minitest (5.11.3)
    multi_json (1.13.1)
    parser (2.6.0.0)
      ast (~> 2.4.0)
    powerpack (0.1.2)
    pry (0.12.2)
      coderay (~> 1.1.0)
      method_source (~> 0.9.0)
    pry-byebug (3.6.0)
      byebug (~> 10.0)
      pry (~> 0.10)
    puma (3.12.4)
    rack (1.6.11)
    rack-contrib (1.8.0)
      rack (~> 1.4)
    rack-protection (1.5.5)
      rack
    rack-standards (0.0.1)
    rack-test (1.1.0)
      rack (>= 1.0, < 3)
    rainbow (2.2.2)
      rake
    rake (12.3.2)
    rb-readline (0.5.5)
    rspec (3.8.0)
      rspec-core (~> 3.8.0)
      rspec-expectations (~> 3.8.0)
      rspec-mocks (~> 3.8.0)
    rspec-core (3.8.0)
      rspec-support (~> 3.8.0)
    rspec-expectations (3.8.2)
      diff-lcs (>= 1.2.0, < 2.0)
      rspec-support (~> 3.8.0)
    rspec-mocks (3.8.0)
      diff-lcs (>= 1.2.0, < 2.0)
      rspec-support (~> 3.8.0)
    rspec-support (3.8.0)
    rubocop (0.35.1)
      astrolabe (~> 1.3)
      parser (>= 2.2.3.0, < 3.0)
      powerpack (~> 0.1)
      rainbow (>= 1.99.1, < 3.0)
      ruby-progressbar (~> 1.7)
      tins (<= 1.6.0)
    ruby-progressbar (1.10.0)
    simplecov (0.13.0)
      docile (~> 1.1.0)
      json (>= 1.8, < 3)
      simplecov-html (~> 0.10.0)
    simplecov-html (0.10.2)
    sinatra (1.4.8)
      rack (~> 1.5)
      rack-protection (~> 1.4)
      tilt (>= 1.3, < 3)
    sinatra-initializers (0.1.4)
    thread_safe (0.3.6)
    tilt (1.4.1)
    tins (1.6.0)
    tzinfo (1.2.5)
      thread_safe (~> 0.1)
    wkhtmltoimage-binary (0.12.5)

PLATFORMS
  ruby

DEPENDENCIES
  activesupport
  builder
  bundler
  codeclimate-test-reporter (~> 1.0.0)
  dotenv
  erubis
  gemoji
  i18n
  imgkit
  json
  pry
  pry-byebug
  puma
  rack-contrib
  rack-standards
  rack-test
  rake
  rb-readline
  rspec
  rubocop (~> 0.35.0)
  rumoji!
  simplecov
  sinatra
  sinatra-contrib!
  sinatra-initializers
  wkhtmltoimage-binary

RUBY VERSION
   ruby 2.5.3p105

BUNDLED WITH
   1.16.6
